GEM
  remote: http://rubygems.org/
  specs:
    activesupport (3.2.22.5)
      i18n (~> 0.6, >= 0.6.4)
      multi_json (~> 1.0)
    async-rack (0.5.1)
      rack (~> 1.1)
    cramp (0.15.3)
      activesupport (~> 3.2.16)
      eventmachine (~> 1.0.3)
      faye-websocket (~> 0.7.1)
      rack (~> 1.5.2)
      thor (~> 0.18.0)
    daemons (1.2.4)
    eventmachine (1.0.9.1)
    faye-websocket (0.7.5)
      eventmachine (>= 0.12.0)
      websocket-driver (>= 0.3.5)
    haml (4.0.7)
      tilt
    http_router (0.11.2)
      rack (>= 1.0.0)
      url_mount (~> 0.2.1)
    i18n (0.7.0)
    iconv (1.0.4)
    mini_portile2 (2.1.0)
    multi_json (1.12.1)
    nokogiri (1.6.8.1)
      mini_portile2 (~> 2.1.0)
    rack (1.5.5)
    roo (2.5.1)
      nokogiri (~> 1)
      rubyzip (~> 1.1, < 2.0.0)
    rubyzip (1.2.0)
    russian (0.6.0)
      i18n (>= 0.5.0)
    thin (1.7.0)
      daemons (~> 1.0, >= 1.0.9)
      eventmachine (~> 1.0, >= 1.0.4)
      rack (>= 1, < 3)
    thor (0.18.1)
    tilt (2.0.5)
    url_mount (0.2.1)
      rack
    websocket-driver (0.6.4)
      websocket-extensions (>= 0.1.0)
    websocket-extensions (0.1.2)

PLATFORMS
  ruby

DEPENDENCIES
  async-rack
  cramp
  haml
  http_router
  iconv
  roo
  russian
  thin

BUNDLED WITH
   1.13.6
